GIT
  remote: git://github.com/radar/paranoia.git
  revision: 9595a2c2c89a01fc45bda50334b39584c34ec461
  branch: rails4
  specs:
    paranoia (2.0.4)
      activerecord (~> 4.0)

GIT
  remote: git://github.com/rweng/jquery-datatables-rails.git
  revision: dbff2bfa3b5c027b71c3337faf322abe5861fdd7
  branch: master
  specs:
    jquery-datatables-rails (3.1.1)
      actionpack (>= 3.1)
      jquery-rails
      railties (>= 3.1)
      sass-rails

GIT
  remote: https://github.com/getsentry/raven-ruby.git
  revision: dfb5930301b703d1125b4996342f9607f8a98c27
  specs:
    sentry-raven (0.12.3)
      faraday (>= 0.7.6)

GEM
  remote: https://rubygems.org/
  specs:
    CFPropertyList (2.2.8)
    CFPropertyList-rails (1.0.2)
      CFPropertyList (~> 2.2.0)
      railties (>= 3, < 5)
    actionmailer (4.1.7)
      actionpack (= 4.1.7)
      actionview (= 4.1.7)
      mail (~> 2.5, >= 2.5.4)
    actionpack (4.1.7)
      actionview (= 4.1.7)
      activesupport (= 4.1.7)
      rack (~> 1.5.2)
      rack-test (~> 0.6.2)
    actionview (4.1.7)
      activesupport (= 4.1.7)
      builder (~> 3.1)
      erubis (~> 2.7.0)
    activemodel (4.1.7)
      activesupport (= 4.1.7)
      builder (~> 3.1)
    activerecord (4.1.7)
      activemodel (= 4.1.7)
      activesupport (= 4.1.7)
      arel (~> 5.0.0)
    activesupport (4.1.7)
      i18n (~> 0.6, >= 0.6.9)
      json (~> 1.7, >= 1.7.7)
      minitest (~> 5.1)
      thread_safe (~> 0.1)
      tzinfo (~> 1.1)
    acts_as_list (0.6.0)
      activerecord (>= 3.0)
    ajax-datatables-rails (0.2.1)
      railties (>= 3.1)
    arel (5.0.1.20140414130214)
    auto_strip_attributes (2.0.6)
      activerecord (>= 3.0)
    autoprefixer-rails (5.0.0.1)
      execjs
    aws-sdk (1.61.0)
      aws-sdk-v1 (= 1.61.0)
    aws-sdk-v1 (1.61.0)
      json (~> 1.4)
      nokogiri (>= 1.4.4)
    bcrypt (3.1.9)
    binding_of_caller (0.7.3.pre1)
      debug_inspector (>= 0.0.1)
    bourbon (3.2.4)
      sass (~> 3.2)
      thor
    browser (0.8.0)
    builder (3.2.2)
    bullet (4.14.1)
      activesupport (>= 3.0.0)
      uniform_notifier (>= 1.6.0)
    bump (0.5.1)
    cancancan (1.10.1)
    chartify (0.3.0)
      gruff (~> 0.5)
    chartkick (1.3.2)
    climate_control (0.0.3)
      activesupport (>= 3.0)
    cocaine (0.5.5)
      climate_control (>= 0.0.3, < 1.0)
    coffee-rails (4.0.1)
      coffee-script (>= 2.2.0)
      railties (>= 4.0.0, < 5.0)
    coffee-script (2.3.0)
      coffee-script-source
      execjs
    coffee-script-source (1.8.0)
    debug_inspector (0.0.2)
    devise (3.4.1)
      bcrypt (~> 3.0)
      orm_adapter (~> 0.1)
      railties (>= 3.2.6, < 5)
      responders
      thread_safe (~> 0.1)
      warden (~> 1.2.3)
    devise-basecamper (0.5.2)
      activesupport (>= 3.1.0)
      devise (>= 3.1.0)
      orm_adapter (>= 0.1)
    devise_invitable (1.3.6)
      actionmailer (>= 3.2.6, < 5)
      devise (>= 3.2.0)
    erubis (2.7.0)
    execjs (2.2.2)
    faraday (0.9.1)
      multipart-post (>= 1.2, < 3)
    figaro (1.0.0)
      thor (~> 0.14)
    foundation-rails (5.4.5.0)
      railties (>= 3.1.0)
      sass (>= 3.2.0)
    google_visualr (2.4.0)
    gravatar_image_tag (1.2.0)
    groupdate (2.4.0)
      activesupport (>= 3)
    gruff (0.5.1)
      rmagick
    hightop (0.1.2)
      activerecord
    hike (1.2.3)
    i18n (0.7.0)
    jbuilder (2.2.6)
      activesupport (>= 3.0.0, < 5)
      multi_json (~> 1.2)
    jquery-rails (3.1.2)
      railties (>= 3.0, < 5.0)
      thor (>= 0.14, < 2.0)
    jquery-ui-rails (5.0.3)
      railties (>= 3.2.16)
    json (1.8.2)
    kaminari (0.16.2)
      actionpack (>= 3.0.0)
      activesupport (>= 3.0.0)
    kgio (2.9.3)
    ledermann-rails-settings (2.3.0)
      activerecord (>= 3.1)
    mail (2.6.3)
      mime-types (>= 1.16, < 3)
    mime-types (2.4.3)
    mini_portile (0.6.2)
    minitest (5.5.1)
    multi_json (1.10.1)
    multipart-post (2.0.0)
    newrelic_rpm (3.9.9.275)
    nokogiri (1.6.5)
      mini_portile (~> 0.6.0)
    orm_adapter (0.5.0)
    paperclip (4.2.1)
      activemodel (>= 3.0.0)
      activesupport (>= 3.0.0)
      cocaine (~> 0.5.3)
      mime-types
    pdf-core (0.4.0)
    pg (0.18.1)
    polyamorous (1.1.0)
      activerecord (>= 3.0)
    prawn (1.3.0)
      pdf-core (~> 0.4.0)
      ttfunk (~> 1.4.0)
    prawn-table (0.2.1)
    query_report (1.2.1)
      actionpack (>= 3)
      chartify (~> 0.3)
      google_visualr (~> 2)
      gruff (~> 0.5)
      kaminari (~> 0.16)
      prawn (~> 1.2)
      prawn-table (~> 0.1)
      rack (>= 1.2)
      railties (>= 3, < 5)
      ransack (~> 1.2)
      rmagick (~> 2.13)
    rack (1.5.2)
    rack-cors (0.3.1)
    rack-test (0.6.3)
      rack (>= 1.0)
    rails (4.1.7)
      actionmailer (= 4.1.7)
      actionpack (= 4.1.7)
      actionview (= 4.1.7)
      activemodel (= 4.1.7)
      activerecord (= 4.1.7)
      activesupport (= 4.1.7)
      bundler (>= 1.3.0, < 2.0)
      railties (= 4.1.7)
      sprockets-rails (~> 2.0)
    rails_12factor (0.0.3)
      rails_serve_static_assets
      rails_stdout_logging
    rails_serve_static_assets (0.0.3)
    rails_stdout_logging (0.0.3)
    railties (4.1.7)
      actionpack (= 4.1.7)
      activesupport (= 4.1.7)
      rake (>= 0.8.7)
      thor (>= 0.18.1, < 2.0)
    raindrops (0.13.0)
    rake (10.4.2)
    ransack (1.5.1)
      actionpack (>= 3.0)
      activerecord (>= 3.0)
      activesupport (>= 3.0)
      i18n
      polyamorous (~> 1.1)
    rdoc (4.2.0)
      json (~> 1.4)
    responders (1.1.2)
      railties (>= 3.2, < 4.2)
    rmagick (2.13.4)
    sass (3.2.19)
    sass-rails (4.0.5)
      railties (>= 4.0.0, < 5.0)
      sass (~> 3.2.2)
      sprockets (~> 2.8, < 3.0)
      sprockets-rails (~> 2.0)
    sdoc (0.4.1)
      json (~> 1.7, >= 1.7.7)
      rdoc (~> 4.0)
    selectize-rails (0.11.2)
    slim (3.0.1)
      temple (~> 0.7.3)
      tilt (>= 1.3.3, < 2.1)
    slim-rails (3.0.1)
      actionmailer (>= 3.1, < 5.0)
      actionpack (>= 3.1, < 5.0)
      activesupport (>= 3.1, < 5.0)
      railties (>= 3.1, < 5.0)
      slim (~> 3.0)
    spring (1.2.0)
    sprockets (2.12.3)
      hike (~> 1.2)
      multi_json (~> 1.0)
      rack (~> 1.0)
      tilt (~> 1.1, != 1.3.0)
    sprockets-rails (2.2.2)
      actionpack (>= 3.0)
      activesupport (>= 3.0)
      sprockets (>= 2.8, < 4.0)
    temple (0.7.5)
    thor (0.19.1)
    thread_safe (0.3.4)
    tilt (1.4.1)
    ttfunk (1.4.0)
    turbolinks (2.5.3)
      coffee-rails
    tzinfo (1.2.2)
      thread_safe (~> 0.1)
    uglifier (2.7.0)
      execjs (>= 0.3.0)
      json (>= 1.8.0)
    unicorn (4.8.3)
      kgio (~> 2.6)
      rack
      raindrops (~> 0.7)
    uniform_notifier (1.6.2)
    warden (1.2.3)
      rack (>= 1.0)
    web-console (2.0.0.beta3)
      activemodel (~> 4.0)
      binding_of_caller (= 0.7.3.pre1)
      railties (~> 4.0)
      sprockets-rails (>= 2.0, < 4.0)

PLATFORMS
  ruby

DEPENDENCIES
  CFPropertyList (~> 2.2.8)
  CFPropertyList-rails
  acts_as_list
  ajax-datatables-rails
  auto_strip_attributes (~> 2.0)
  autoprefixer-rails
  aws-sdk
  bourbon
  browser
  bullet
  bump (~> 0.5.1)
  cancancan (~> 1.9)
  chartkick
  coffee-rails (~> 4.0.0)
  devise
  devise-basecamper
  devise_invitable (~> 1.3.4)
  figaro
  foundation-rails (= 5.4.5)
  gravatar_image_tag
  groupdate
  hightop
  jbuilder (~> 2.0)
  jquery-datatables-rails!
  jquery-rails
  jquery-ui-rails
  kaminari
  ledermann-rails-settings
  multi_json
  newrelic_rpm
  paperclip (~> 4.2)
  paranoia!
  pg
  query_report
  rack-cors
  rails (= 4.1.7)
  rails_12factor
  sass-rails (~> 4.0.3)
  sdoc
  selectize-rails
  sentry-raven!
  slim-rails
  spring
  turbolinks
  uglifier (>= 1.3.0)
  unicorn
  web-console (= 2.0.0.beta3)
